{
    "Modality": "MR",
    "MagneticFieldStrength": 3,
    "ImagingFrequency": 127.766928,
    "Manufacturer": "Philips",
    "ManufacturersModelName": "Ingenia",
    "InstitutionName": "Novosib Neurosurgery Center",
    "InstitutionalDepartmentName": "MRI",
    "InstitutionAddress": "Nemirovicha-Danchenko 132",
    "DeviceSerialNumber": "85054",
    "StationName": "PHILIPS-F7TK6PR",
    "BodyPartExamined": "BRAIN",
    "PatientPosition": "HFS",
    "ProcedureStepDescription": "HEAD GLIOMA+CE+ TRACTY",
    "SoftwareVersions": "5.4.1\\5.4.1.3",
    "MRAcquisitionType": "3D",
    "SeriesDescription": "3D_T2_1mm",
    "ProtocolName": "3D_T2_1mm",
    "ScanningSequence": "SE",
    "SequenceVariant": "SK",
    "ScanOptions": "FS",
    "PulseSequenceName": "TSE",
    "ImageType": [
        "ORIGINAL",
        "PRIMARY",
        "M",
        "SE",
        "M",
        "SE"
    ],
    "SeriesNumber": 201,
    "AcquisitionTime": "14:56:49.530000",
    "AcquisitionNumber": 2,
    "PhilipsRWVSlope": 2.06007,
    "PhilipsRWVIntercept": 0,
    "PhilipsRescaleSlope": 2.06007,
    "PhilipsRescaleIntercept": 0,
    "PhilipsScaleSlope": 0.00939658,
    "UsePhilipsFloatNotDisplayScaling": 1,
    "SliceThickness": 1,
    "SpacingBetweenSlices": 0.5,
    "SAR": 0.0259749,
    "NumberOfAverages": 2,
    "EchoTime": 0.3,
    "RepetitionTime": 3.5,
    "MTState": false,
    "FlipAngle": 90,
    "CoilString": "MULTI COIL",
    "PercentPhaseFOV": 100,
    "PercentSampling": 78.1953,
    "PhaseEncodingSteps": 228,
    "FrequencyEncodingSteps": 228,
    "PhaseEncodingStepsOutOfPlane": 180,
    "AcquisitionMatrixPE": 228,
    "ReconMatrixPE": 512,
    "ParallelReductionFactorInPlane": 2.4,
    "ParallelAcquisitionTechnique": "SENSE",
    "ParallelReductionFactorOutOfPlane": 2.1,
    "WaterFatShift": 0.419985,
    "EstimatedEffectiveEchoSpacing": 9.45989e-07,
    "EstimatedTotalReadoutTime": 0.0004834,
    "AcquisitionDuration": 283.5,
    "PixelBandwidth": 1034,
    "ImageOrientationPatientDICOM": [
        0.219222,
        0.975565,
        -0.0146491,
        -0.094977,
        0.00639473,
        -0.995459
    ],
    "InPlanePhaseEncodingDirectionDICOM": "ROW",
    "ConversionSoftware": "dcm2niix",
    "ConversionSoftwareVersion": "v1.0.20230411",
    "Dcm2bidsVersion": "3.0.1"
}