{
    "Modality": "MR",
    "MagneticFieldStrength": 3,
    "ImagingFrequency": 127.766944,
    "Manufacturer": "Philips",
    "ManufacturersModelName": "Ingenia",
    "InstitutionName": "Novosib Neurosurgery Center",
    "InstitutionalDepartmentName": "MRI",
    "InstitutionAddress": "Nemirovicha-Danchenko 132",
    "DeviceSerialNumber": "85054",
    "StationName": "PHILIPS-F7TK6PR",
    "BodyPartExamined": "BRAIN",
    "PatientPosition": "HFS",
    "ProcedureStepDescription": "HEAD+C GLIOMA",
    "SoftwareVersions": "5.4.1\\5.4.1.3",
    "MRAcquisitionType": "3D",
    "SeriesDescription": "sT1W_3D",
    "ProtocolName": "sT1W_3D",
    "ScanningSequence": "GR",
    "SequenceVariant": "MP",
    "ScanOptions": "PFP",
    "PulseSequenceName": "T1TFE",
    "ImageType": [
        "ORIGINAL",
        "PRIMARY",
        "M",
        "FFE",
        "M",
        "FFE"
    ],
    "SeriesNumber": 701,
    "AcquisitionTime": "13:05:23.640000",
    "AcquisitionNumber": 7,
    "PhilipsRWVSlope": 5.30501,
    "PhilipsRWVIntercept": 0,
    "PhilipsRescaleSlope": 5.30501,
    "PhilipsRescaleIntercept": 0,
    "PhilipsScaleSlope": 0.0111223,
    "UsePhilipsFloatNotDisplayScaling": 1,
    "SliceThickness": 1,
    "SpacingBetweenSlices": 1,
    "SAR": 0.0231826,
    "EchoTime": 0.002988,
    "RepetitionTime": 0.0066615,
    "MTState": false,
    "SpoilingState": true,
    "SpoilingType": "COMBINED",
    "FlipAngle": 8,
    "CoilString": "MULTI COIL",
    "PercentPhaseFOV": 100,
    "PercentSampling": 99.1936,
    "EchoTrainLength": 204,
    "PartialFourierDirection": "PHASE",
    "PartialFourierEnabled": "YES",
    "PhaseEncodingStepsNoPartialFourier": 240,
    "FrequencyEncodingSteps": 248,
    "PhaseEncodingStepsOutOfPlane": 192,
    "AcquisitionMatrixPE": 240,
    "ReconMatrixPE": 528,
    "ParallelAcquisitionTechnique": "SENSE",
    "ParallelReductionFactorOutOfPlane": 2.2,
    "WaterFatShift": 1.60309,
    "EstimatedEffectiveEchoSpacing": 6.96831e-06,
    "EstimatedTotalReadoutTime": 0.0036723,
    "AcquisitionDuration": 370.867,
    "PixelBandwidth": 271,
    "PhaseEncodingAxis": "j",
    "ImageOrientationPatientDICOM": [
        0.999289,
        -0.016529,
        -0.0338818,
        0.0195706,
        0.995613,
        0.0914996
    ],
    "InPlanePhaseEncodingDirectionDICOM": "COL",
    "ConversionSoftware": "dcm2niix",
    "ConversionSoftwareVersion": "v1.0.20230411",
    "Dcm2bidsVersion": "3.0.1"
}