{
    "Modality": "MR",
    "MagneticFieldStrength": 3,
    "ImagingFrequency": 127.766896,
    "Manufacturer": "Philips",
    "ManufacturersModelName": "Ingenia",
    "InstitutionName": "Novosib Neurosurgery Center",
    "InstitutionalDepartmentName": "MRI",
    "InstitutionAddress": "Nemirovicha-Danchenko 132",
    "DeviceSerialNumber": "85054",
    "StationName": "PHILIPS-F7TK6PR",
    "BodyPartExamined": "BRAIN",
    "PatientPosition": "HFS",
    "ProcedureStepDescription": "GLIOMA+CE",
    "SoftwareVersions": "5.4.1\\5.4.1.3",
    "MRAcquisitionType": "3D",
    "SeriesDescription": "3D_FLAIR Sag",
    "ProtocolName": "3D_FLAIR Sag",
    "ScanningSequence": "IR",
    "SequenceVariant": "SK",
    "ScanOptions": "FS",
    "PulseSequenceName": "TIR",
    "ImageType": [
        "ORIGINAL",
        "PRIMARY",
        "T2",
        "NONE"
    ],
    "SeriesNumber": 801,
    "AcquisitionTime": "13:47:27.750000",
    "AcquisitionNumber": 8,
    "PhilipsRescaleSlope": 5.66691,
    "PhilipsRescaleIntercept": 0,
    "PhilipsScaleSlope": 0.000733174,
    "UsePhilipsFloatNotDisplayScaling": 1,
    "SliceThickness": 1.2,
    "SpacingBetweenSlices": 1.2,
    "NumberOfAverages": 2,
    "EchoTime": 0.34,
    "RepetitionTime": 4.8,
    "MTState": false,
    "InversionTime": 1.65,
    "FlipAngle": 90,
    "CoilString": "MULTI COIL",
    "PercentPhaseFOV": 100,
    "PercentSampling": 78.5398,
    "EchoTrainLength": 175,
    "PhaseEncodingSteps": 228,
    "FrequencyEncodingSteps": 228,
    "PhaseEncodingStepsOutOfPlane": 140,
    "AcquisitionMatrixPE": 228,
    "ReconMatrixPE": 240,
    "ParallelReductionFactorInPlane": 3,
    "ParallelAcquisitionTechnique": "SENSE",
    "ParallelReductionFactorOutOfPlane": 1.7,
    "WaterFatShift": 0.594269,
    "EstimatedEffectiveEchoSpacing": 5.69133e-06,
    "EstimatedTotalReadoutTime": 0.00136023,
    "AcquisitionDuration": 264,
    "PixelBandwidth": 730.994,
    "PhaseEncodingAxis": "i",
    "ImageOrientationPatientDICOM": [
        0.0108665,
        0.999938,
        -0.00221267,
        -0.00186955,
        -0.00219248,
        -0.999996
    ],
    "InPlanePhaseEncodingDirectionDICOM": "ROW",
    "ConversionSoftware": "dcm2niix",
    "ConversionSoftwareVersion": "v1.0.20230411",
    "Dcm2bidsVersion": "3.0.1"
}