{
    "Modality": "MR",
    "MagneticFieldStrength": 3,
    "ImagingFrequency": 127.766904,
    "Manufacturer": "Philips",
    "ManufacturersModelName": "Ingenia",
    "InstitutionName": "Novosib Neurosurgery Center",
    "InstitutionalDepartmentName": "MRI",
    "InstitutionAddress": "Nemirovicha-Danchenko 132",
    "DeviceSerialNumber": "85054",
    "StationName": "PHILIPS-F7TK6PR",
    "BodyPartExamined": "BRAIN",
    "PatientPosition": "HFS",
    "ProcedureStepDescription": "GLIOMA+CE",
    "SoftwareVersions": "5.4.1\\5.4.1.3",
    "MRAcquisitionType": "3D",
    "SeriesDescription": "SWIp_fast",
    "ProtocolName": "SWIp_fast",
    "ScanningSequence": "GR",
    "SequenceVariant": "SP",
    "ScanOptions": "FC",
    "PulseSequenceName": "T1FFE",
    "ImageType": [
        "ORIGINAL",
        "PRIMARY",
        "T1",
        "MIXED",
        "REAL"
    ],
    "SeriesNumber": 601,
    "AcquisitionTime": "13:36:45.220000",
    "AcquisitionNumber": 6,
    "PhilipsRWVSlope": 9.1475,
    "PhilipsRWVIntercept": 0,
    "PhilipsRescaleSlope": 9.1475,
    "PhilipsRescaleIntercept": 0,
    "PhilipsScaleSlope": 0.00673037,
    "UsePhilipsFloatNotDisplayScaling": 1,
    "SliceThickness": 2,
    "SpacingBetweenSlices": 1,
    "RepetitionTime": 0.031,
    "MTState": false,
    "SpoilingState": true,
    "SpoilingType": "COMBINED",
    "FlipAngle": 17,
    "CoilString": "MULTI COIL",
    "PercentPhaseFOV": 82.2917,
    "PercentSampling": 78.2913,
    "EchoTrainLength": 4,
    "PhaseEncodingSteps": 384,
    "FrequencyEncodingSteps": 384,
    "PhaseEncodingStepsOutOfPlane": 65,
    "AcquisitionMatrixPE": 384,
    "ReconMatrixPE": 768,
    "ParallelReductionFactorInPlane": 3,
    "ParallelAcquisitionTechnique": "SENSE",
    "ParallelReductionFactorOutOfPlane": 1.5,
    "WaterFatShift": 1.70149,
    "EstimatedEffectiveEchoSpacing": 4.08532e-06,
    "EstimatedTotalReadoutTime": 0.00313344,
    "AcquisitionDuration": 154.566,
    "PixelBandwidth": 255.31,
    "PhaseEncodingAxis": "i",
    "ImageOrientationPatientDICOM": [
        0.999918,
        -0.0109948,
        0.00651737,
        0.0122503,
        0.969873,
        -0.243302
    ],
    "InPlanePhaseEncodingDirectionDICOM": "ROW",
    "ConversionSoftware": "dcm2niix",
    "ConversionSoftwareVersion": "v1.0.20230411",
    "Dcm2bidsVersion": "3.0.1"
}