{
    "Modality": "MR",
    "MagneticFieldStrength": 3,
    "ImagingFrequency": 127.766904,
    "Manufacturer": "Philips",
    "ManufacturersModelName": "Ingenia",
    "InstitutionName": "Novosib Neurosurgery Center",
    "InstitutionalDepartmentName": "MRI",
    "InstitutionAddress": "Nemirovicha-Danchenko 132",
    "DeviceSerialNumber": "85054",
    "StationName": "PHILIPS-F7TK6PR",
    "BodyPartExamined": "BRAIN",
    "PatientPosition": "HFS",
    "ProcedureStepDescription": "GLIOMA+CE",
    "SoftwareVersions": "5.4.1\\5.4.1.3",
    "MRAcquisitionType": "3D",
    "SeriesDescription": "sT1W_3D_CE",
    "ProtocolName": "sT1W_3D_CE",
    "ScanningSequence": "GR",
    "SequenceVariant": "MP",
    "ScanOptions": "PFP",
    "PulseSequenceName": "T1TFE",
    "ImageType": [
        "ORIGINAL",
        "PRIMARY",
        "T1",
        "NONE"
    ],
    "SeriesNumber": 901,
    "AcquisitionTime": "13:51:55.880000",
    "AcquisitionNumber": 9,
    "PhilipsRescaleSlope": 3.26642,
    "PhilipsRescaleIntercept": 0,
    "PhilipsScaleSlope": 0.008057,
    "UsePhilipsFloatNotDisplayScaling": 1,
    "SliceThickness": 1,
    "SpacingBetweenSlices": 1,
    "EchoTime": 0.003046,
    "RepetitionTime": 0.0067743,
    "MTState": false,
    "SpoilingState": true,
    "SpoilingType": "COMBINED",
    "FlipAngle": 8,
    "CoilString": "MULTI COIL",
    "PercentPhaseFOV": 100,
    "PercentSampling": 100,
    "EchoTrainLength": 204,
    "PartialFourierDirection": "PHASE",
    "PartialFourierEnabled": "YES",
    "PhaseEncodingStepsNoPartialFourier": 240,
    "FrequencyEncodingSteps": 240,
    "PhaseEncodingStepsOutOfPlane": 192,
    "AcquisitionMatrixPE": 240,
    "ReconMatrixPE": 512,
    "ParallelAcquisitionTechnique": "SENSE",
    "ParallelReductionFactorOutOfPlane": 2.2,
    "WaterFatShift": 1.6014,
    "EstimatedEffectiveEchoSpacing": 7.1789e-06,
    "EstimatedTotalReadoutTime": 0.00366842,
    "AcquisitionDuration": 370.88,
    "PixelBandwidth": 271.267,
    "PhaseEncodingAxis": "j",
    "ImageOrientationPatientDICOM": [
        0.999918,
        -0.0109948,
        0.00651737,
        0.0122503,
        0.969873,
        -0.243302
    ],
    "InPlanePhaseEncodingDirectionDICOM": "COL",
    "ConversionSoftware": "dcm2niix",
    "ConversionSoftwareVersion": "v1.0.20230411",
    "Dcm2bidsVersion": "3.0.1"
}