{
    "Modality": "MR",
    "MagneticFieldStrength": 3,
    "ImagingFrequency": 127.766896,
    "Manufacturer": "Philips",
    "ManufacturersModelName": "Ingenia",
    "InstitutionName": "Novosib Neurosurgery Center",
    "InstitutionalDepartmentName": "MRI",
    "InstitutionAddress": "Nemirovicha-Danchenko 132",
    "DeviceSerialNumber": "85054",
    "StationName": "PHILIPS-F7TK6PR",
    "BodyPartExamined": "BRAIN",
    "PatientPosition": "HFS",
    "ProcedureStepDescription": "GLIOMA+CE",
    "SoftwareVersions": "5.4.1\\5.4.1.3",
    "MRAcquisitionType": "3D",
    "SeriesDescription": "3D_T2_1mm",
    "ProtocolName": "3D_T2_1mm",
    "ScanningSequence": "SE",
    "SequenceVariant": "SK",
    "ScanOptions": "FS",
    "PulseSequenceName": "TSE",
    "ImageType": [
        "ORIGINAL",
        "PRIMARY",
        "T2",
        "NONE"
    ],
    "SeriesNumber": 201,
    "AcquisitionTime": "13:19:0.570000",
    "AcquisitionNumber": 2,
    "PhilipsRescaleSlope": 2.49328,
    "PhilipsRescaleIntercept": 0,
    "PhilipsScaleSlope": 0.0059505,
    "UsePhilipsFloatNotDisplayScaling": 1,
    "SliceThickness": 1,
    "SpacingBetweenSlices": 0.5,
    "NumberOfAverages": 2,
    "EchoTime": 0.3,
    "RepetitionTime": 3.5,
    "MTState": false,
    "FlipAngle": 90,
    "CoilString": "MULTI COIL",
    "PercentPhaseFOV": 100,
    "PercentSampling": 78.2281,
    "EchoTrainLength": 155,
    "PhaseEncodingSteps": 252,
    "FrequencyEncodingSteps": 252,
    "PhaseEncodingStepsOutOfPlane": 180,
    "AcquisitionMatrixPE": 252,
    "ReconMatrixPE": 512,
    "ParallelReductionFactorInPlane": 2.4,
    "ParallelAcquisitionTechnique": "SENSE",
    "ParallelReductionFactorOutOfPlane": 2.1,
    "WaterFatShift": 0.516728,
    "EstimatedEffectiveEchoSpacing": 2.31287e-06,
    "EstimatedTotalReadoutTime": 0.00118187,
    "AcquisitionDuration": 318.5,
    "PixelBandwidth": 840.689,
    "PhaseEncodingAxis": "i",
    "ImageOrientationPatientDICOM": [
        0.0108665,
        0.999938,
        -0.00221267,
        -0.00186955,
        -0.00219248,
        -0.999996
    ],
    "InPlanePhaseEncodingDirectionDICOM": "ROW",
    "ConversionSoftware": "dcm2niix",
    "ConversionSoftwareVersion": "v1.0.20230411",
    "Dcm2bidsVersion": "3.0.1"
}