{
    "Modality": "MR",
    "MagneticFieldStrength": 3,
    "ImagingFrequency": 127.766912,
    "Manufacturer": "Philips",
    "ManufacturersModelName": "Ingenia",
    "InstitutionName": "Novosib Neurosurgery Center",
    "InstitutionalDepartmentName": "MRI",
    "InstitutionAddress": "Nemirovicha-Danchenko 132",
    "DeviceSerialNumber": "85054",
    "StationName": "PHILIPS-F7TK6PR",
    "BodyPartExamined": "BRAIN",
    "PatientPosition": "HFS",
    "SoftwareVersions": "5.4.1\\5.4.1.3",
    "MRAcquisitionType": "2D",
    "SeriesDescription": "dDWI Ax_3B1000",
    "ProtocolName": "dDWI Ax_3B1000",
    "ScanningSequence": "RM",
    "SequenceVariant": "SK",
    "ScanOptions": "FS",
    "PulseSequenceName": "DwiSE",
    "ImageType": [
        "ORIGINAL",
        "PRIMARY",
        "ADC",
        "UNSPECIFIED",
        "ADC",
        "UNSPECIFIED"
    ],
    "RawImage": false,
    "SeriesNumber": 302,
    "AcquisitionTime": "17:43:43.250000",
    "AcquisitionNumber": 3,
    "PhilipsRWVSlope": 0.00122882,
    "PhilipsRWVIntercept": -0.693147,
    "PhilipsRescaleSlope": 0.00122882,
    "PhilipsRescaleIntercept": -0.693147,
    "PhilipsScaleSlope": 0.060986,
    "UsePhilipsFloatNotDisplayScaling": 1,
    "SliceThickness": 4,
    "SpacingBetweenSlices": 5,
    "SAR": 0.0978798,
    "NumberOfAverages": 2,
    "EchoTime": 0.09,
    "RepetitionTime": 3.8,
    "MTState": false,
    "FlipAngle": 90,
    "CoilString": "MULTI COIL",
    "PercentPhaseFOV": 100,
    "PercentSampling": 100,
    "EchoTrainLength": 63,
    "PartialFourierDirection": "PHASE",
    "PartialFourierEnabled": "YES",
    "PhaseEncodingStepsNoPartialFourier": 126,
    "FrequencyEncodingSteps": 128,
    "PhaseEncodingStepsOutOfPlane": 1,
    "AcquisitionMatrixPE": 126,
    "ReconMatrixPE": 256,
    "ParallelReductionFactorInPlane": 2,
    "ParallelAcquisitionTechnique": "SENSE",
    "WaterFatShift": 20.9059,
    "EstimatedEffectiveEchoSpacing": 0.000185777,
    "EstimatedTotalReadoutTime": 0.047373,
    "AcquisitionDuration": 125.4,
    "PixelBandwidth": 1707,
    "PhaseEncodingAxis": "j",
    "ImageOrientationPatientDICOM": [
        0.986094,
        -0.088385,
        -0.140738,
        0.0880158,
        0.99608,
        -0.00885837
    ],
    "InPlanePhaseEncodingDirectionDICOM": "COL",
    "ConversionSoftware": "dcm2niix",
    "ConversionSoftwareVersion": "v1.0.20230411",
    "Dcm2bidsVersion": "3.0.1"
}