{
    "Modality": "MR",
    "MagneticFieldStrength": 3,
    "ImagingFrequency": 127.76688,
    "Manufacturer": "Philips",
    "ManufacturersModelName": "Ingenia",
    "InstitutionName": "Novosib Neurosurgery Center",
    "InstitutionalDepartmentName": "MRI",
    "InstitutionAddress": "Nemirovicha-Danchenko 132",
    "DeviceSerialNumber": "85054",
    "StationName": "PHILIPS-F7TK6PR",
    "BodyPartExamined": "BRAIN",
    "PatientPosition": "HFS",
    "ProcedureStepDescription": "GLIOMA+CE",
    "SoftwareVersions": "5.4.1\\5.4.1.3",
    "MRAcquisitionType": "3D",
    "SeriesDescription": "SWIp_fast",
    "ProtocolName": "SWIp_fast",
    "ScanningSequence": "GR",
    "SequenceVariant": "SP",
    "ScanOptions": "FC",
    "PulseSequenceName": "T1FFE",
    "ImageType": [
        "ORIGINAL",
        "PRIMARY",
        "SW",
        "M",
        "FFE",
        "SW",
        "M",
        "FFE"
    ],
    "SeriesNumber": 601,
    "AcquisitionTime": "18:41:35.760000",
    "AcquisitionNumber": 6,
    "PhilipsRWVSlope": 7.37314,
    "PhilipsRWVIntercept": 0,
    "PhilipsRescaleSlope": 7.37314,
    "PhilipsRescaleIntercept": 0,
    "PhilipsScaleSlope": 0.0117155,
    "UsePhilipsFloatNotDisplayScaling": 1,
    "SliceThickness": 2,
    "SpacingBetweenSlices": 1,
    "SAR": 0.0290804,
    "RepetitionTime": 0.031,
    "MTState": false,
    "SpoilingState": true,
    "SpoilingType": "COMBINED",
    "FlipAngle": 17,
    "CoilString": "MULTI COIL",
    "PercentPhaseFOV": 82.2917,
    "PercentSampling": 78.2913,
    "PhaseEncodingSteps": 384,
    "FrequencyEncodingSteps": 384,
    "PhaseEncodingStepsOutOfPlane": 65,
    "AcquisitionMatrixPE": 384,
    "ReconMatrixPE": 768,
    "ParallelReductionFactorInPlane": 3,
    "ParallelAcquisitionTechnique": "SENSE",
    "ParallelReductionFactorOutOfPlane": 1.5,
    "WaterFatShift": 1.70149,
    "EstimatedEffectiveEchoSpacing": 2.55332e-06,
    "EstimatedTotalReadoutTime": 0.0019584,
    "AcquisitionDuration": 154.566,
    "PixelBandwidth": 255,
    "ImageOrientationPatientDICOM": [
        0.998227,
        0.00780808,
        -0.0590103,
        -0.00811438,
        0.999955,
        -0.00495289
    ],
    "InPlanePhaseEncodingDirectionDICOM": "ROW",
    "ConversionSoftware": "dcm2niix",
    "ConversionSoftwareVersion": "v1.0.20230411",
    "Dcm2bidsVersion": "3.0.1"
}