{
    "Modality": "MR",
    "MagneticFieldStrength": 3,
    "ImagingFrequency": 127.766928,
    "Manufacturer": "Philips",
    "ManufacturersModelName": "Ingenia",
    "InstitutionName": "Novosib Neurosurgery Center",
    "InstitutionalDepartmentName": "MRI",
    "InstitutionAddress": "Nemirovicha-Danchenko 132",
    "DeviceSerialNumber": "85054",
    "StationName": "PHILIPS-F7TK6PR",
    "BodyPartExamined": "BRAIN",
    "PatientPosition": "HFS",
    "ProcedureStepDescription": "GLIOMA",
    "SoftwareVersions": "5.4.1\\5.4.1.3",
    "MRAcquisitionType": "3D",
    "SeriesDescription": "APT_10slices",
    "ProtocolName": "APT_10slices",
    "ScanningSequence": "SE",
    "SequenceVariant": "SK",
    "ScanOptions": "FS",
    "PulseSequenceName": "TSE",
    "ImageType": [
        "ORIGINAL",
        "PRIMARY",
        "APTW",
        "SE",
        "APTW",
        "SE"
    ],
    "SeriesNumber": 501,
    "AcquisitionTime": "20:01:19.930000",
    "AcquisitionNumber": 5,
    "PhilipsRWVSlope": 0.004884,
    "PhilipsRWVIntercept": -10,
    "PhilipsRescaleSlope": 0.00488401,
    "PhilipsRescaleIntercept": -10,
    "PhilipsScaleSlope": 204.75,
    "UsePhilipsFloatNotDisplayScaling": 1,
    "SliceThickness": 6,
    "SpacingBetweenSlices": 6,
    "SAR": 0.369624,
    "EchoTime": 0.007825,
    "RepetitionTime": 5.9688,
    "MTState": false,
    "FlipAngle": 90,
    "CoilString": "MULTI COIL",
    "PercentPhaseFOV": 77.7778,
    "PercentSampling": 77.7544,
    "PhaseEncodingSteps": 127,
    "FrequencyEncodingSteps": 128,
    "PhaseEncodingStepsOutOfPlane": 10,
    "AcquisitionMatrixPE": 127,
    "ReconMatrixPE": 288,
    "ParallelReductionFactorInPlane": 1.6,
    "ParallelAcquisitionTechnique": "SENSE",
    "WaterFatShift": 0.693966,
    "EstimatedEffectiveEchoSpacing": 2.7831e-06,
    "EstimatedTotalReadoutTime": 0.00079875,
    "AcquisitionDuration": 220.846,
    "PixelBandwidth": 626,
    "ImageOrientationPatientDICOM": [
        0.999364,
        0.00186204,
        0.0356095,
        -0.00549894,
        0.994737,
        0.10231
    ],
    "InPlanePhaseEncodingDirectionDICOM": "ROW",
    "ConversionSoftware": "dcm2niix",
    "ConversionSoftwareVersion": "v1.0.20230411",
    "Dcm2bidsVersion": "3.0.1"
}