{
    "Modality": "MR",
    "MagneticFieldStrength": 3,
    "ImagingFrequency": 127.766904,
    "Manufacturer": "Philips",
    "ManufacturersModelName": "Ingenia",
    "InstitutionName": "Novosib Neurosurgery Center",
    "InstitutionalDepartmentName": "MRI",
    "InstitutionAddress": "Nemirovicha-Danchenko 132",
    "DeviceSerialNumber": "85054",
    "StationName": "PHILIPS-F7TK6PR",
    "BodyPartExamined": "BRAIN",
    "PatientPosition": "HFS",
    "SoftwareVersions": "5.4.1\\5.4.1.3",
    "MRAcquisitionType": "3D",
    "SeriesDescription": "3D_T2_1mm",
    "ProtocolName": "3D_T2_1mm",
    "ScanningSequence": "SE",
    "SequenceVariant": "SK",
    "ScanOptions": "FS",
    "PulseSequenceName": "TSE",
    "ImageType": [
        "ORIGINAL",
        "PRIMARY",
        "M",
        "SE",
        "M",
        "SE"
    ],
    "SeriesNumber": 201,
    "AcquisitionTime": "17:38:7.800000",
    "AcquisitionNumber": 2,
    "PhilipsRWVSlope": 2.02027,
    "PhilipsRWVIntercept": 0,
    "PhilipsRescaleSlope": 2.02027,
    "PhilipsRescaleIntercept": 0,
    "PhilipsScaleSlope": 0.00896859,
    "UsePhilipsFloatNotDisplayScaling": 1,
    "SliceThickness": 1,
    "SpacingBetweenSlices": 0.5,
    "SAR": 0.0259761,
    "NumberOfAverages": 2,
    "EchoTime": 0.3,
    "RepetitionTime": 3.5,
    "MTState": false,
    "FlipAngle": 90,
    "CoilString": "MULTI COIL",
    "PercentPhaseFOV": 100,
    "PercentSampling": 78.2281,
    "PhaseEncodingSteps": 252,
    "FrequencyEncodingSteps": 252,
    "PhaseEncodingStepsOutOfPlane": 180,
    "AcquisitionMatrixPE": 252,
    "ReconMatrixPE": 512,
    "ParallelReductionFactorInPlane": 2.4,
    "ParallelAcquisitionTechnique": "SENSE",
    "ParallelReductionFactorOutOfPlane": 2.1,
    "WaterFatShift": 0.464164,
    "EstimatedEffectiveEchoSpacing": 1.0455e-06,
    "EstimatedTotalReadoutTime": 0.00053425,
    "AcquisitionDuration": 318.5,
    "PixelBandwidth": 936,
    "ImageOrientationPatientDICOM": [
        0.0880158,
        0.99608,
        -0.00885837,
        -0.140969,
        0.00365199,
        -0.990007
    ],
    "InPlanePhaseEncodingDirectionDICOM": "ROW",
    "ConversionSoftware": "dcm2niix",
    "ConversionSoftwareVersion": "v1.0.20230411",
    "Dcm2bidsVersion": "3.0.1"
}