{
    "Modality": "MR",
    "MagneticFieldStrength": 3,
    "ImagingFrequency": 127.766928,
    "Manufacturer": "Philips",
    "ManufacturersModelName": "Ingenia",
    "InstitutionName": "Novosib Neurosurgery Center",
    "InstitutionalDepartmentName": "MRI",
    "InstitutionAddress": "Nemirovicha-Danchenko 132",
    "DeviceSerialNumber": "85054",
    "StationName": "PHILIPS-F7TK6PR",
    "BodyPartExamined": "BRAIN",
    "PatientPosition": "HFS",
    "SoftwareVersions": "5.4.1\\5.4.1.3",
    "MRAcquisitionType": "3D",
    "SeriesDescription": "APT_10slices",
    "ProtocolName": "APT_10slices",
    "ScanningSequence": "SE",
    "SequenceVariant": "SK",
    "ScanOptions": "FS",
    "PulseSequenceName": "TSE",
    "ImageType": [
        "ORIGINAL",
        "PRIMARY",
        "APTW",
        "SE",
        "APTW",
        "SE"
    ],
    "SeriesNumber": 1001,
    "AcquisitionTime": "16:46:50.090000",
    "AcquisitionNumber": 10,
    "PhilipsRWVSlope": 0.004884,
    "PhilipsRWVIntercept": -10,
    "PhilipsRescaleSlope": 0.00488401,
    "PhilipsRescaleIntercept": -10,
    "PhilipsScaleSlope": 204.75,
    "UsePhilipsFloatNotDisplayScaling": 1,
    "SliceThickness": 6,
    "SpacingBetweenSlices": 6,
    "SAR": 0.369631,
    "EchoTime": 0.007812,
    "RepetitionTime": 5.92535,
    "MTState": false,
    "FlipAngle": 90,
    "CoilString": "MULTI COIL",
    "PercentPhaseFOV": 78.125,
    "PercentSampling": 78.5398,
    "PhaseEncodingSteps": 128,
    "FrequencyEncodingSteps": 128,
    "PhaseEncodingStepsOutOfPlane": 10,
    "AcquisitionMatrixPE": 128,
    "ReconMatrixPE": 256,
    "ParallelReductionFactorInPlane": 1.6,
    "ParallelAcquisitionTechnique": "SENSE",
    "WaterFatShift": 0.693967,
    "EstimatedEffectiveEchoSpacing": 3.13235e-06,
    "EstimatedTotalReadoutTime": 0.00079875,
    "AcquisitionDuration": 219.238,
    "PixelBandwidth": 626,
    "ImageOrientationPatientDICOM": [
        1,
        -0.00010047,
        -0.00047852,
        0.00010867,
        0.999853,
        0.017166
    ],
    "InPlanePhaseEncodingDirectionDICOM": "ROW",
    "ConversionSoftware": "dcm2niix",
    "ConversionSoftwareVersion": "v1.0.20230411",
    "Dcm2bidsVersion": "3.0.1"
}