{
    "Modality": "MR",
    "MagneticFieldStrength": 3,
    "ImagingFrequency": 127.766936,
    "Manufacturer": "Philips",
    "ManufacturersModelName": "Ingenia",
    "InstitutionName": "Novosib Neurosurgery Center",
    "InstitutionalDepartmentName": "MRI",
    "InstitutionAddress": "Nemirovicha-Danchenko 132",
    "DeviceSerialNumber": "85054",
    "StationName": "PHILIPS-F7TK6PR",
    "BodyPartExamined": "BRAIN",
    "PatientPosition": "HFS",
    "ProcedureStepDescription": "HEAD GLIOMA+CE+ TRACTY",
    "SoftwareVersions": "5.4.1\\5.4.1.3",
    "MRAcquisitionType": "3D",
    "SeriesDescription": "ASL_CBF",
    "ProtocolName": "ASL_CBF",
    "ScanningSequence": "GR",
    "SequenceVariant": "SK",
    "ScanOptions": "FS",
    "PulseSequenceName": "GraSE",
    "ImageType": [
        "ORIGINAL",
        "PRIMARY",
        "PERFUSION",
        "FFE",
        "PERFUSION",
        "FFE"
    ],
    "SeriesNumber": 501,
    "AcquisitionTime": "15:07:31.100000",
    "AcquisitionNumber": 5,
    "PhilipsRWVSlope": 0.1,
    "PhilipsRWVIntercept": 0,
    "PhilipsRescaleSlope": 0.1,
    "PhilipsRescaleIntercept": 0,
    "PhilipsScaleSlope": 10,
    "UsePhilipsFloatNotDisplayScaling": 1,
    "SliceThickness": 6.5,
    "SpacingBetweenSlices": 6.5,
    "SAR": 0.321527,
    "EchoTime": 0.011635,
    "RepetitionTime": 4.3,
    "MTState": false,
    "FlipAngle": 90,
    "CoilString": "MULTI COIL",
    "PercentPhaseFOV": 100,
    "PercentSampling": 100,
    "EchoTrainLength": 15,
    "PhaseEncodingSteps": 60,
    "FrequencyEncodingSteps": 64,
    "PhaseEncodingStepsOutOfPlane": 14,
    "AcquisitionMatrixPE": 60,
    "ReconMatrixPE": 64,
    "WaterFatShift": 3.46345,
    "EstimatedEffectiveEchoSpacing": 0.000118643,
    "EstimatedTotalReadoutTime": 0.0074745,
    "AcquisitionDuration": 301,
    "PixelBandwidth": 2796,
    "PhaseEncodingAxis": "j",
    "ImageOrientationPatientDICOM": [
        0.992212,
        -0.0283185,
        -0.1213,
        0.00770972,
        0.985909,
        -0.167105
    ],
    "InPlanePhaseEncodingDirectionDICOM": "COL",
    "ConversionSoftware": "dcm2niix",
    "ConversionSoftwareVersion": "v1.0.20230411",
    "Dcm2bidsVersion": "3.0.1"
}